GEM
  remote: https://rubygems.org/
  specs:
    ffi (1.9.3-java)
    haml (4.0.4)
      tilt
    jubilee (1.1.4-java)
      rack (>= 1.4.1)
      spoon (~> 0.0.4)
    rack (1.5.2)
    rack-protection (1.5.1)
      rack
    sinatra (1.4.4)
      rack (~> 1.4)
      rack-protection (~> 1.4)
      tilt (~> 1.3, >= 1.3.4)
    spoon (0.0.4)
      ffi
    tilt (1.4.1)

PLATFORMS
  java

DEPENDENCIES
  haml
  jubilee
  sinatra
